PATH
  remote: .
  specs:
    mock_braintree (0.3.0)

GEM
  remote: https://rubygems.org/
  specs:
    rake (13.0.1)

PLATFORMS
  ruby

DEPENDENCIES
  bundler (~> 2.0)
  mock_braintree!
  rake (~> 13.0)

BUNDLED WITH
   2.0.1
